GEM
  remote: https://rubygems.org/
  specs:
    activesupport (6.0.3.2)
      concurrent-ruby (~> 1.0, >= 1.0.2)
      i18n (>= 0.7, < 2)
      minitest (~> 5.1)
      tzinfo (~> 1.1)
      zeitwerk (~> 2.2, >= 2.2.2)
    byebug (11.1.3)
    coderay (1.1.3)
    commander-openflighthpc (2.1.2)
      highline (> 1.7.2)
      paint (~> 2.1.0)
      slop (~> 4.8)
    concurrent-ruby (1.1.6)
    equatable (0.6.1)
    faraday (0.17.3)
      multipart-post (>= 1.2, < 3)
    faraday_middleware (0.14.0)
      faraday (>= 0.7.4, < 1.0)
    hashie (4.1.0)
    highline (2.0.3)
    i18n (1.8.3)
      concurrent-ruby (~> 1.0)
    method_source (1.0.0)
    minitest (5.14.1)
    multipart-post (2.1.1)
    necromancer (0.5.1)
    output_mode (1.0.0)
      pastel (~> 0.7)
      tty-color (~> 0.5)
      tty-table (~> 0.11)
    paint (2.1.1)
    pastel (0.7.4)
      equatable (~> 0.6)
      tty-color (~> 0.5)
    pry (0.13.1)
      coderay (~> 1.1)
      method_source (~> 1.0)
    pry-byebug (3.9.0)
      byebug (~> 11.0)
      pry (~> 0.13.0)
    simple_jsonapi_client (0.2.4)
      faraday (~> 0.12)
      faraday_middleware (~> 0.11)
    slop (4.8.1)
    strings (0.1.8)
      strings-ansi (~> 0.1)
      unicode-display_width (~> 1.5)
      unicode_utils (~> 1.4)
    strings-ansi (0.2.0)
    thread_safe (0.3.6)
    tty-color (0.5.1)
    tty-cursor (0.7.1)
    tty-prompt (0.21.0)
      necromancer (~> 0.5.0)
      pastel (~> 0.7.0)
      tty-reader (~> 0.7.0)
    tty-reader (0.7.0)
      tty-cursor (~> 0.7)
      tty-screen (~> 0.7)
      wisper (~> 2.0.0)
    tty-screen (0.8.0)
    tty-table (0.11.0)
      equatable (~> 0.6)
      necromancer (~> 0.5)
      pastel (~> 0.7.2)
      strings (~> 0.1.5)
      tty-screen (~> 0.7)
    tzinfo (1.2.7)
      thread_safe (~> 0.1)
    unicode-display_width (1.7.0)
    unicode_utils (1.4.0)
    wisper (2.0.1)
    xdg (4.1.0)
    zeitwerk (2.3.1)

PLATFORMS
  ruby

DEPENDENCIES
  activesupport
  commander-openflighthpc (> 2)
  hashie
  output_mode
  pry
  pry-byebug
  simple_jsonapi_client
  tty-prompt
  xdg

BUNDLED WITH
   2.1.4
